GEM
  remote: https://rubygems.org/
  specs:
    bubble-wrap (1.3.0)
    motion-require (0.0.7)
    motion-support (0.2.4)
      motion-require (>= 0.0.6)
    rake (10.1.0)

PLATFORMS
  ruby

DEPENDENCIES
  bubble-wrap (~> 1.3.0)
  motion-support
  rake
